PATH
  remote: .
  specs:
    activerecord-activesalesforce-adapter (2.3.7.2)
      rails (~> 2.3.8)
      rforce (~> 0.4)

GEM
  remote: http://rubygems.org/
  specs:
    actionmailer (2.3.11)
      actionpack (= 2.3.11)
    actionpack (2.3.11)
      activesupport (= 2.3.11)
      rack (~> 1.1.0)
    activerecord (2.3.11)
      activesupport (= 2.3.11)
    activeresource (2.3.11)
      activesupport (= 2.3.11)
    activesupport (2.3.11)
    builder (3.0.0)
    oauth (0.4.4)
    rack (1.1.2)
    rails (2.3.11)
      actionmailer (= 2.3.11)
      actionpack (= 2.3.11)
      activerecord (= 2.3.11)
      activeresource (= 2.3.11)
      activesupport (= 2.3.11)
      rake (>= 0.8.3)
    rake (0.8.7)
    rforce (0.7)
      builder (~> 3.0)
      oauth (~> 0.4)

PLATFORMS
  ruby

DEPENDENCIES
  activerecord-activesalesforce-adapter!
