PATH
  remote: .
  specs:
    activerecord-activesalesforce-adapter (2.3.7.1)
      builder (>= 1.2.4)
      hpricot (>= 0.8.2)
      rails (~> 2.3.3)

GEM
  remote: http://rubygems.org/
  specs:
    actionmailer (2.3.11)
      actionpack (= 2.3.11)
    actionpack (2.3.11)
      activesupport (= 2.3.11)
      rack (~> 1.1.0)
    activerecord (2.3.11)
      activesupport (= 2.3.11)
    activeresource (2.3.11)
      activesupport (= 2.3.11)
    activesupport (2.3.11)
    builder (3.0.0)
    hpricot (0.8.4)
    rack (1.1.2)
    rails (2.3.11)
      actionmailer (= 2.3.11)
      actionpack (= 2.3.11)
      activerecord (= 2.3.11)
      activeresource (= 2.3.11)
      activesupport (= 2.3.11)
      rake (>= 0.8.3)
    rake (0.8.7)

PLATFORMS
  ruby

DEPENDENCIES
  activerecord-activesalesforce-adapter!
