PATH
  remote: .
  specs:
    activerecord-activesalesforce-adapter (2.3.7.2)
      rails (~> 2.3.8)
      rforce (~> 0.4)

GEM
  remote: http://rubygems.org/
  specs:
    actionmailer (2.3.15)
      actionpack (= 2.3.15)
    actionpack (2.3.15)
      activesupport (= 2.3.15)
      rack (~> 1.1.3)
    activerecord (2.3.15)
      activesupport (= 2.3.15)
    activeresource (2.3.15)
      activesupport (= 2.3.15)
    activesupport (2.3.15)
    builder (3.1.4)
    oauth (0.4.7)
    rack (1.1.4)
    rails (2.3.15)
      actionmailer (= 2.3.15)
      actionpack (= 2.3.15)
      activerecord (= 2.3.15)
      activeresource (= 2.3.15)
      activesupport (= 2.3.15)
      rake (>= 0.8.3)
    rake (13.0.1)
    rforce (0.10)
      builder (~> 3.0)
      oauth (~> 0.4)

PLATFORMS
  ruby

DEPENDENCIES
  activerecord-activesalesforce-adapter!
